PATH
  remote: .
  specs:
    trello_effort_tracker (0.0.1)

GEM
  remote: http://rubygems.org/
  specs:
    activemodel (3.2.8)
      activesupport (= 3.2.8)
      builder (~> 3.0.0)
    activesupport (3.2.8)
      i18n (~> 0.6)
      multi_json (~> 1.0)
    addressable (2.2.8)
    builder (3.0.4)
    chronic (0.8.0)
    columnize (0.3.6)
    debugger (1.2.1)
      columnize (>= 0.3.1)
      debugger-linecache (~> 1.1.1)
      debugger-ruby_core_source (~> 1.1.4)
    debugger-linecache (1.1.2)
      debugger-ruby_core_source (>= 1.1.1)
    debugger-ruby_core_source (1.1.4)
    diff-lcs (1.1.3)
    i18n (0.6.1)
    mime-types (1.19)
    multi_json (1.3.6)
    oauth (0.4.7)
    rainbow (1.1.4)
    rest-client (1.6.7)
      mime-types (>= 1.16)
    rspec (2.11.0)
      rspec-core (~> 2.11.0)
      rspec-expectations (~> 2.11.0)
      rspec-mocks (~> 2.11.0)
    rspec-core (2.11.1)
    rspec-expectations (2.11.3)
      diff-lcs (~> 1.1.3)
    rspec-mocks (2.11.3)
    ruby-trello (0.4.4)
      activemodel
      addressable (~> 2.2.6)
      oauth (~> 0.4.5)
      rest-client (~> 1.6.7)

PLATFORMS
  ruby

DEPENDENCIES
  chronic
  debugger
  rainbow
  rspec
  rspec-mocks
  ruby-trello
  trello_effort_tracker!
